GEM
  remote: https://rubygems.org/
  specs:
    barby (0.6.1)
    chunky_png (1.3.1)
    pdf-core (0.2.5)
    prawn (1.2.1)
      pdf-core (~> 0.2.5)
      ttfunk (~> 1.2.0)
    ttfunk (1.2.0)

PLATFORMS
  ruby

DEPENDENCIES
  barby
  chunky_png
  prawn
